PATH
  remote: .
  specs:
    google_url_shortener (0.0.5)
      json (>= 1.4.6)
      rest-client (~> 1.6.1)
      trollop (= 1.16.2)

GEM
  remote: http://rubygems.org/
  specs:
    diff-lcs (1.1.3)
    fakeweb (1.3.0)
    json (1.4.6)
    mime-types (1.16)
    rest-client (1.6.1)
      mime-types (>= 1.16)
    rspec (2.12.0)
      rspec-core (~> 2.12.0)
      rspec-expectations (~> 2.12.0)
      rspec-mocks (~> 2.12.0)
    rspec-core (2.12.1)
    rspec-expectations (2.12.0)
      diff-lcs (~> 1.1.3)
    rspec-mocks (2.12.0)
    trollop (1.16.2)

PLATFORMS
  ruby

DEPENDENCIES
  bundler (>= 1.0.0)
  fakeweb
  google_url_shortener!
  json (= 1.4.6)
  rest-client (= 1.6.1)
  rspec
